GEM
  remote: http://rubygems.org/
  specs:
    crack (0.1.8)
    daemons (1.1.4)
    eventmachine (0.12.10)
    foreman (0.26.1)
      term-ansicolor (~> 1.0.5)
      thor (>= 0.13.6)
    gauges (0.2.0)
      httparty (~> 0.7.8)
    httparty (0.7.8)
      crack (= 0.1.8)
    rack (1.3.5)
    rack-contrib (1.1.0)
      rack (>= 0.9.1)
    term-ansicolor (1.0.7)
    thin (1.3.1)
      daemons (>= 1.0.9)
      eventmachine (>= 0.12.6)
      rack (>= 1.0.0)
    thor (0.14.6)

PLATFORMS
  ruby

DEPENDENCIES
  foreman
  gauges
  rack-contrib
  thin
